GEM
  remote: https://rubygems.org/
  specs:
    amq-client (1.0.2)
      amq-protocol (>= 1.2.0)
      eventmachine
    amq-protocol (1.8.0)
    amqp (1.0.2)
      amq-client (~> 1.0.2)
      amq-protocol (>= 1.3.0)
      eventmachine
    eventmachine (1.0.3)
    json (1.8.0)
    thor (0.18.1)

PLATFORMS
  ruby

DEPENDENCIES
  amqp
  json
  thor
