GEM
  remote: https://rubygems.org/
  specs:
    addressable (2.3.6)
    amq-client (1.0.2)
      amq-protocol (>= 1.2.0)
      eventmachine
    amq-protocol (1.8.0)
    amqp (1.0.2)
      amq-client (~> 1.0.2)
      amq-protocol (>= 1.3.0)
      eventmachine
    byebug (2.6.0)
      columnize (~> 0.3)
      debugger-linecache (~> 1.2)
    columnize (0.3.6)
    crack (0.4.2)
      safe_yaml (~> 1.0.0)
    debugger-linecache (1.2.0)
    diff-lcs (1.2.4)
    dotenv (0.9.0)
    eventmachine (1.0.3)
    foreman (0.63.0)
      dotenv (>= 0.7)
      thor (>= 0.13.6)
    hashr (0.0.22)
    json (1.8.0)
    macaddr (1.6.1)
      systemu (~> 2.5.0)
    mime-types (1.25)
    mini_portile (0.5.1)
    nokogiri (1.6.0)
      mini_portile (~> 0.5.0)
    nori (2.3.0)
    random-location (0.1.0)
    rest-client (1.6.7)
      mime-types (>= 1.16)
    rspec (2.14.1)
      rspec-core (~> 2.14.0)
      rspec-expectations (~> 2.14.0)
      rspec-mocks (~> 2.14.0)
    rspec-core (2.14.5)
    rspec-expectations (2.14.3)
      diff-lcs (>= 1.1.3, < 2.0)
    rspec-mocks (2.14.3)
    safe_yaml (1.0.3)
    slim (2.0.1)
      temple (~> 0.6.6)
      tilt (>= 1.3.3, < 2.1)
    systemu (2.5.2)
    temple (0.6.6)
    thor (0.18.1)
    tilt (1.4.1)
    webmock (1.18.0)
      addressable (>= 2.3.6)
      crack (>= 0.3.2)

PLATFORMS
  ruby

DEPENDENCIES
  amqp (~> 1.0.2)
  byebug
  foreman
  hashr (~> 0.0.22)
  json (~> 1.8.0)
  macaddr (~> 1.6.1)
  nokogiri (~> 1.6.0)
  nori (~> 2.3.0)
  random-location
  rest-client (~> 1.6.7)
  rspec (~> 2.14.1)
  slim (~> 2.0.1)
  thor (~> 0.18.1)
  webmock (~> 1.18.0)
